PATH
  remote: .
  specs:
    calibredb (0.1.0)
      json (~> 2.6.1)
      sequel (~> 5.52.0)
      sqlite3 (~> 1.4.2)
      yaml (~> 0.2.0)

GEM
  remote: https://rubygems.org/
  specs:
    commander (4.6.0)
      highline (~> 2.0.0)
    highline (2.0.3)
    json (2.6.1)
    minitest (5.15.0)
    nokogiri (1.13.3-x86_64-linux)
      racc (~> 1.4)
    pathname (0.2.0)
    racc (1.6.0)
    rake (13.0.6)
    sequel (5.52.0)
    sqlite3 (1.4.2)
    sterile (1.0.23)
      nokogiri (>= 1.11.7)
    yaml (0.2.0)

PLATFORMS
  x86_64-linux

DEPENDENCIES
  calibredb!
  commander (~> 4.6)
  json (~> 2.6)
  minitest (~> 5.0)
  pathname (~> 0.2.0)
  rake (~> 13.0)
  sequel (~> 5.52)
  sqlite3 (~> 1.4)
  sterile (~> 1.0)
  yaml (~> 0.2.0)

BUNDLED WITH
   2.2.33
