PATH
  remote: .
  specs:
    calibredb (0.1.0)
      sequel (~> 5.52.0)
      sqlite3 (~> 1.4.2)

GEM
  remote: https://rubygems.org/
  specs:
    minitest (5.15.0)
    rake (13.0.6)
    sequel (5.52.0)
    sqlite3 (1.4.2)
    yaml (0.2.0)

PLATFORMS
  x86_64-linux

DEPENDENCIES
  calibredb!
  minitest (~> 5.0)
  rake (~> 13.0)
  yaml (~> 0.2.0)

BUNDLED WITH
   2.2.33
