PATH
  remote: .
  specs:
    calibredb (0.1.0)
      configatron (~> 4.5.0)
      sequel (~> 5.52.0)
      sqlite3 (~> 1.4.2)

GEM
  remote: https://rubygems.org/
  specs:
    configatron (4.5.1)
    minitest (5.15.0)
    rake (13.0.6)
    sequel (5.52.0)
    sqlite3 (1.4.2)

PLATFORMS
  x86_64-linux

DEPENDENCIES
  calibredb!
  minitest (~> 5.0)
  rake (~> 13.0)

BUNDLED WITH
   2.2.33
