PATH
  remote: .
  specs:
    calibredb (0.1.0)
      configatron (~> 4.5.1)
      json (~> 2.6.1)
      sequel (~> 5.52.0)
      sqlite3 (~> 1.4.2)
      yaml (~> 0.2.0)

GEM
  remote: https://rubygems.org/
  specs:
    activesupport (7.0.2.2)
      concurrent-ruby (~> 1.0, >= 1.0.2)
      i18n (>= 1.6, < 2)
      minitest (>= 5.1)
      tzinfo (~> 2.0)
    commander (4.6.0)
      highline (~> 2.0.0)
    concurrent-ruby (1.1.9)
    configatron (4.5.1)
    highline (2.0.3)
    i18n (1.10.0)
      concurrent-ruby (~> 1.0)
    json (2.6.1)
    minitest (5.15.0)
    rabl (0.15.0)
      activesupport (>= 2.3.14)
    rake (13.0.6)
    sequel (5.52.0)
    sqlite3 (1.4.2)
    tzinfo (2.0.4)
      concurrent-ruby (~> 1.0)
    yaml (0.2.0)

PLATFORMS
  x86_64-linux

DEPENDENCIES
  calibredb!
  commander (~> 4.6)
  configatron (~> 4.5)
  json (~> 2.6)
  minitest (~> 5.0)
  rabl (~> 0.15.0)
  rake (~> 13.0)
  sequel (~> 5.52)
  sqlite3 (~> 1.4)
  yaml (~> 0.2.0)

BUNDLED WITH
   2.2.33
